GEM
  remote: http://rubygems.org/
  specs:
    recaptcha (0.3.4)
    rmagick (2.13.1)

PLATFORMS
  ruby

DEPENDENCIES
  recaptcha
  rmagick
