GEM
  remote: http://rubygems.org/
  specs:
    libv8 (3.11.8.13)
    pg (0.14.1)
    recaptcha (0.3.4)
    ref (1.0.2)
    therubyracer (0.11.3)
      libv8 (~> 3.11.8.12)
      ref

PLATFORMS
  ruby

DEPENDENCIES
  pg
  recaptcha
  therubyracer
